GEM
  remote: https://rubygems.org/
  specs:
    backports (3.15.0)
    chronic (0.10.2)
    faraday (0.15.4)
      multipart-post (>= 1.2, < 3)
    mini_portile2 (2.4.0)
    multi_json (1.13.1)
    multipart-post (2.1.1)
    mustermann (1.0.3)
    nokogiri (1.10.3)
      mini_portile2 (~> 2.4.0)
    rack (2.0.7)
    rack-protection (2.0.5)
      rack
    rack-test (1.1.0)
      rack (>= 1.0, < 3)
    rake (12.3.2)
    sinatra (2.0.5)
      mustermann (~> 1.0)
      rack (~> 2.0)
      rack-protection (= 2.0.5)
      tilt (~> 2.0)
    sinatra-contrib (2.0.5)
      backports (>= 2.8.2)
      multi_json
      mustermann (~> 1.0)
      rack-protection (= 2.0.5)
      sinatra (= 2.0.5)
      tilt (>= 1.3, < 3)
    sorbet (0.4.4439)
      sorbet-static (= 0.4.4439)
    sorbet-runtime (0.4.4378)
    sorbet-static (0.4.4439-universal-darwin-16)
    tilt (2.0.9)

PLATFORMS
  ruby

DEPENDENCIES
  chronic
  faraday (= 0.15.4)
  nokogiri
  rack-test
  rake
  sinatra (= 2.0.5)
  sinatra-contrib (= 2.0.5)
  sorbet
  sorbet-runtime

BUNDLED WITH
   1.17.2
